GEM
  remote: https://rubygems.org/
  specs:
    async (1.28.3)
      console (~> 1.10)
      nio4r (~> 2.3)
      timers (~> 4.1)
    console (1.10.1)
      fiber-local
    fiber-local (1.0.0)
    nio4r (2.5.4)
    timers (4.3.2)

PLATFORMS
  x86_64-darwin-19

DEPENDENCIES
  async

BUNDLED WITH
   2.2.3
